GEM
  remote: https://rubygems.org/
  specs:
    diff-lcs (1.3)
    rspec (3.9.0)
      rspec-core (~> 3.9.0)
      rspec-expectations (~> 3.9.0)
      rspec-mocks (~> 3.9.0)
    rspec-core (3.9.1)
      rspec-support (~> 3.9.1)
    rspec-expectations (3.9.0)
      diff-lcs (>= 1.2.0, < 2.0)
      rspec-support (~> 3.9.0)
    rspec-mocks (3.9.1)
      diff-lcs (>= 1.2.0, < 2.0)
      rspec-support (~> 3.9.0)
    rspec-support (3.9.2)
    rufo (0.8.1)
    zeitwerk (2.2.2)

PLATFORMS
  ruby

DEPENDENCIES
  rspec (~> 3.4)
  rufo (~> 0.8)
  zeitwerk (~> 2.1, >= 2.1.8)

BUNDLED WITH
   2.0.2
